PATH
  remote: .
  specs:
    omniauth-dummies (0.0.1)
      omniauth (>= 1, < 3)
      omniauth-facebook
      omniauth-google-oauth2
      omniauth-twitter

GEM
  remote: https://rubygems.org/
  specs:
    diff-lcs (1.1.3)
    faraday (2.5.2)
      faraday-net_http (>= 2.0, < 3.1)
      ruby2_keywords (>= 0.0.4)
    faraday-net_http (3.0.0)
    hashie (5.0.0)
    jwt (2.5.0)
    multi_json (1.15.0)
    multi_xml (0.6.0)
    oauth (1.1.0)
      oauth-tty (~> 1.0, >= 1.0.1)
      snaky_hash (~> 2.0)
      version_gem (~> 1.1)
    oauth-tty (1.0.2)
      version_gem (~> 1.1)
    oauth2 (1.4.10)
      faraday (>= 0.17.3, < 3.0)
      jwt (>= 1.0, < 3.0)
      multi_json (~> 1.3)
      multi_xml (~> 0.5)
      rack (>= 1.2, < 3)
    omniauth (2.0.4)
      hashie (>= 3.4.6)
      rack (>= 1.6.2, < 3)
      rack-protection
    omniauth-facebook (9.0.0)
      omniauth-oauth2 (~> 1.2)
    omniauth-google-oauth2 (1.0.1)
      jwt (>= 2.0)
      oauth2 (~> 1.1)
      omniauth (~> 2.0)
      omniauth-oauth2 (~> 1.7.1)
    omniauth-oauth (1.2.0)
      oauth
      omniauth (>= 1.0, < 3)
    omniauth-oauth2 (1.7.3)
      oauth2 (>= 1.4, < 3)
      omniauth (>= 1.9, < 3)
    omniauth-twitter (1.4.0)
      omniauth-oauth (~> 1.1)
      rack
    rack (1.6.13)
    rack-protection (1.5.0)
      rack
    rake (10.1.0)
    rspec (2.6.0)
      rspec-core (~> 2.6.0)
      rspec-expectations (~> 2.6.0)
      rspec-mocks (~> 2.6.0)
    rspec-core (2.6.4)
    rspec-expectations (2.6.0)
      diff-lcs (~> 1.1.2)
    rspec-mocks (2.6.0)
    ruby2_keywords (0.0.5)
    sinatra (1.4.3)
      rack (~> 1.4)
      rack-protection (~> 1.4)
      tilt (~> 1.3, >= 1.3.4)
    snaky_hash (2.0.0)
      hashie
      version_gem (~> 1.1)
    tilt (1.4.1)
    version_gem (1.1.0)

PLATFORMS
  ruby

DEPENDENCIES
  omniauth-dummies!
  rake
  rspec (~> 2.6.0)
  sinatra

BUNDLED WITH
   1.15.1
